GEM
  remote: http://rubygems.org/
  specs:
    addressable (2.3.5)
    json (1.8.0)
    mime-types (1.24)
    rack (1.5.2)
    rack-protection (1.5.0)
      rack
    rest-client (1.6.7)
      mime-types (>= 1.16)
    rest-open-uri (1.0.0)
    rmeetup (1.0.0)
    rubygems-update (2.0.7)
    sinatra (1.4.3)
      rack (~> 1.4)
      rack-protection (~> 1.4)
      tilt (~> 1.3, >= 1.3.4)
    tilt (1.4.1)

PLATFORMS
  ruby

DEPENDENCIES
  addressable
  bundler
  json
  rest-client
  rest-open-uri
  rmeetup
  rubygems-update
  sinatra
